GEM
  remote: https://rubygems.org/
  specs:
    newrelic_rpm (3.13.2.302)
    rack (1.6.4)
    rack-protection (1.5.3)
      rack
    sass (3.4.19)
    sinatra (1.4.6)
      rack (~> 1.4)
      rack-protection (~> 1.4)
      tilt (>= 1.3, < 3)
    slim (3.0.6)
      temple (~> 0.7.3)
      tilt (>= 1.3.3, < 2.1)
    temple (0.7.6)
    tilt (2.0.1)
    words_counted (0.1.5)

PLATFORMS
  ruby

DEPENDENCIES
  newrelic_rpm
  sass
  sinatra
  slim
  words_counted
